GEM
  remote: https://rubygems.org/
  specs:
    json (2.6.3)
    mustermann (3.0.0)
      ruby2_keywords (~> 0.0.1)
    nio4r (2.5.8)
    puma (6.1.1)
      nio4r (~> 2.0)
    rack (2.2.8)
    rack-protection (3.1.0)
      rack (~> 2.2, >= 2.2.4)
    ruby2_keywords (0.0.5)
    sinatra (3.1.0)
      mustermann (~> 3.0)
      rack (~> 2.2, >= 2.2.4)
      rack-protection (= 3.1.0)
      tilt (~> 2.0)
    tilt (2.2.0)

PLATFORMS
  ruby

DEPENDENCIES
  json
  puma (>= 5.5.1)
  sinatra

BUNDLED WITH
   2.3.26
